GEM
  remote: https://rubygems.org/
  specs:
    dotenv (2.1.1)
    excon (0.52.0)
    intercom (3.5.4)
      json (~> 1.8)
    json (1.8.3)
    rack (1.6.4)
    rack-protection (1.5.3)
      rack
    simple_spark (1.0.4)
      excon (>= 0.16.0, < 1.0)
      json (>= 1.7.7, < 2.0)
    sinatra (1.4.7)
      rack (~> 1.5)
      rack-protection (~> 1.4)
      tilt (>= 1.3, < 3)
    tilt (2.0.5)

PLATFORMS
  ruby

DEPENDENCIES
  dotenv (= 2.1.1)
  intercom (= 3.5.4)
  simple_spark (= 1.0.4)
  sinatra (= 1.4.7)

RUBY VERSION
   ruby 2.3.1p112

BUNDLED WITH
   1.12.4
